GIT
  remote: https://github.com/xiosky90/ruby_inner_html_content.git
  revision: 5f16d74bb38439f063290ccd62fe2574226c889a
  branch: main
  specs:
    inner_html_content (0.1.0)

GEM
  remote: https://rubygems.org/
  specs:
    byebug (11.1.3)
    rack (3.0.0)

PLATFORMS
  x86_64-linux

DEPENDENCIES
  byebug (~> 11.1)
  inner_html_content!
  rack (= 3.0.0)

BUNDLED WITH
   2.3.25
