GIT
  remote: https://github.com/xiosky90/ruby_inner_html_content.git
  revision: eceee16b615343c437427899737fce0cfecc3987
  branch: main
  specs:
    inner_html_content (0.1.0)

GEM
  remote: https://rubygems.org/
  specs:
    byebug (11.1.3)

PLATFORMS
  x86_64-linux

DEPENDENCIES
  byebug (~> 11.1)
  inner_html_content!

BUNDLED WITH
   2.2.3
